GEM
  remote: https://rubygems.org/
  specs:
    rake (10.3.1)
    rubyzip (1.1.3)

PLATFORMS
  ruby

DEPENDENCIES
  rake
  rubyzip
